GEM
  remote: http://rubygems.org/
  specs:
    activemodel (3.0.0)
      activesupport (= 3.0.0)
      builder (~> 2.1.2)
      i18n (~> 0.4.1)
    activerecord (3.0.0)
      activemodel (= 3.0.0)
      activesupport (= 3.0.0)
      arel (~> 1.0.0)
      tzinfo (~> 0.3.23)
    activesupport (3.0.0)
    arel (1.0.1)
      activesupport (~> 3.0.0)
    builder (2.1.2)
    carrierwave (0.5.0)
      activesupport (~> 3.0.0)
    daemons (1.1.0)
    eventmachine (0.12.10)
    git (1.2.5)
    haml (3.0.21)
    http_router (0.4.0)
      rack (>= 1.0)
      url_mount (>= 0.2.1)
    i18n (0.4.1)
    mail (2.2.7)
      activesupport (>= 2.3.6)
      mime-types
      treetop (>= 1.4.5)
    mime-types (1.16)
    mini_magick (2.1)
      subexec (~> 0.0.4)
    padrino (0.9.18)
      padrino-admin (= 0.9.18)
      padrino-core (= 0.9.18)
      padrino-gen (= 0.9.18)
      padrino-helpers (= 0.9.18)
      padrino-mailer (= 0.9.18)
    padrino-admin (0.9.18)
      padrino-core (= 0.9.18)
      padrino-helpers (= 0.9.18)
    padrino-core (0.9.18)
      activesupport (>= 3.0.0)
      http_router (~> 0.4.0)
      sinatra (>= 1.0.0)
      thor (>= 0.14.3)
      tzinfo
    padrino-gen (0.9.18)
      bundler (>= 1.0.2)
      git
      padrino-core (= 0.9.18)
    padrino-helpers (0.9.18)
      i18n (>= 0.4.1)
      padrino-core (= 0.9.18)
    padrino-mailer (0.9.18)
      mail (>= 2.2.0)
      padrino-core (= 0.9.18)
    polyglot (0.3.1)
    rack (1.2.1)
    rack-flash (0.1.1)
      rack
    rake (0.8.7)
    sinatra (1.0)
      rack (>= 1.0)
    sqlite3-ruby (1.3.1)
    subexec (0.0.4)
    thin (1.2.7)
      daemons (>= 1.0.9)
      eventmachine (>= 0.12.6)
      rack (>= 1.0.0)
    thor (0.14.3)
    treetop (1.4.8)
      polyglot (>= 0.3.1)
    tzinfo (0.3.23)
    url_mount (0.2.1)
      rack

PLATFORMS
  ruby

DEPENDENCIES
  activerecord
  carrierwave
  haml
  mini_magick
  padrino (= 0.9.18)
  rack-flash
  rake
  sqlite3-ruby
  thin
